GEM
  remote: http://rubygems.org/
  specs:
    airplay (0.2.9)
      dnssd (~> 2.0)
      net-http-digest_auth (~> 1.2)
      net-http-persistent (>= 2.6)
    coderay (1.0.9)
    daemons (1.1.9)
    dnssd (2.0)
    eventmachine (1.0.3)
    ffi (1.9.3)
    method_source (0.8.2)
    net-http-digest_auth (1.4)
    net-http-persistent (2.9)
    pry (0.9.12.4)
      coderay (~> 1.0)
      method_source (~> 0.8)
      slop (~> 3.4)
    rack (1.5.2)
    rack-protection (1.5.1)
      rack
    sinatra (1.4.4)
      rack (~> 1.4)
      rack-protection (~> 1.4)
      tilt (~> 1.3, >= 1.3.4)
    slop (3.4.6)
    thin (1.5.1)
      daemons (>= 1.0.9)
      eventmachine (>= 0.12.6)
      rack (>= 1.0.0)
    tilt (1.4.1)

PLATFORMS
  ruby

DEPENDENCIES
  airplay (= 0.2.9)
  ffi
  pry
  sinatra
  thin (= 1.5.1)
